GIT
  remote: git://github.com/mongoid/mongoid.git
  revision: c6fc5fade6a3a64f32c486a97ab8d27e2bd76069
  specs:
    mongoid (3.0.0)
      activemodel (~> 3.1)
      moped (~> 1.0.0.beta)
      origin (~> 1.0.0.beta)
      tzinfo (~> 0.3.22)

PATH
  remote: .
  specs:
    mongoid_search2 (0.3.0.rc.1)

GEM
  remote: http://rubygems.org/
  specs:
    activemodel (3.2.3)
      activesupport (= 3.2.3)
      builder (~> 3.0.0)
    activesupport (3.2.3)
      i18n (~> 0.6)
      multi_json (~> 1.0)
    builder (3.0.0)
    database_cleaner (0.7.2)
    diff-lcs (1.1.3)
    fast-stemmer (1.0.0)
    hashie (1.2.0)
    i18n (0.6.0)
    moped (1.0.0.beta)
    multi_json (1.2.0)
    origin (1.0.0.beta)
    rake (0.8.7)
    rspec (2.9.0)
      rspec-core (~> 2.9.0)
      rspec-expectations (~> 2.9.0)
      rspec-mocks (~> 2.9.0)
    rspec-core (2.9.0)
    rspec-expectations (2.9.0)
      diff-lcs (~> 1.1.3)
    rspec-mocks (2.9.0)
    ruby-stemmer (0.9.3)
    simplecov (0.6.1)
      multi_json (~> 1.0)
      simplecov-html (~> 0.5.3)
    simplecov-html (0.5.3)
    tzinfo (0.3.33)

PLATFORMS
  ruby

DEPENDENCIES
  database_cleaner (~> 0.7.2)
  fast-stemmer (~> 1.0.0)
  hashie
  mongoid (~> 3.0)!
  mongoid_search2!
  moped
  rake (~> 0.8.7)
  rspec (~> 2.4)
  ruby-stemmer (>= 0.8.3)
  simplecov (>= 0.4.0)
