PATH
  remote: .
  specs:
    mongoid_search2 (0.3.0.beta.2)
      bson_ext (>= 1.2)
      mongoid (~> 2.0)

GEM
  remote: http://rubygems.org/
  specs:
    activemodel (3.2.2)
      activesupport (= 3.2.2)
      builder (~> 3.0.0)
    activesupport (3.2.2)
      i18n (~> 0.6)
      multi_json (~> 1.0)
    bson (1.6.1)
    bson_ext (1.6.1)
      bson (~> 1.6.1)
    builder (3.0.0)
    database_cleaner (0.6.7)
    diff-lcs (1.1.3)
    fast-stemmer (1.0.0)
    i18n (0.6.0)
    mongo (1.6.1)
      bson (~> 1.6.1)
    mongoid (2.4.7)
      activemodel (~> 3.1)
      mongo (~> 1.3)
      tzinfo (~> 0.3.22)
    multi_json (1.2.0)
    rake (0.8.7)
    rspec (2.9.0)
      rspec-core (~> 2.9.0)
      rspec-expectations (~> 2.9.0)
      rspec-mocks (~> 2.9.0)
    rspec-core (2.9.0)
    rspec-expectations (2.9.0)
      diff-lcs (~> 1.1.3)
    rspec-mocks (2.9.0)
    ruby-stemmer (0.9.3)
    simplecov (0.6.1)
      multi_json (~> 1.0)
      simplecov-html (~> 0.5.3)
    simplecov-html (0.5.3)
    tzinfo (0.3.32)

PLATFORMS
  ruby

DEPENDENCIES
  database_cleaner (~> 0.6.4)
  fast-stemmer (~> 1.0.0)
  mongoid_search2!
  rake (~> 0.8.7)
  rspec (~> 2.4)
  ruby-stemmer (>= 0.8.3)
  simplecov (>= 0.4.0)
